PATH
  remote: .
  specs:
    whoopee-cushion (1.0.0)

GEM
  remote: https://rubygems.org/
  specs:
    byebug (2.6.0)
      columnize (~> 0.3)
      debugger-linecache (~> 1.2)
    columnize (0.3.6)
    debugger-linecache (1.2.0)
    minitest (4.7.5)
    rake (10.1.1)
    recursive-open-struct (0.4.5)

PLATFORMS
  ruby

DEPENDENCIES
  bundler (~> 1.5)
  byebug
  minitest (~> 4.7.3)
  rake
  recursive-open-struct
  whoopee-cushion!
