PATH
  remote: .
  specs:
    whoopee_cushion (0.0.1)

GEM
  remote: https://rubygems.org/
  specs:
    rake (10.1.1)

PLATFORMS
  ruby

DEPENDENCIES
  bundler (~> 1.3)
  rake
  whoopee_cushion!
